GEM
  remote: https://rubygems.org/
  specs:
    coderay (1.1.3)
    csv (3.3.0)
    method_source (1.1.0)
    pry (0.14.2)
      coderay (~> 1.1)
      method_source (~> 1.0)

PLATFORMS
  x64-mingw-ucrt

DEPENDENCIES
  csv
  pry

BUNDLED WITH
   2.5.14
